GEM
  remote: https://rubygems.org/
  specs:
    concurrent-ruby (1.1.10)
    execjs (2.8.1)
    ffi (1.15.5)
    mustermann (3.0.0)
      ruby2_keywords (~> 0.0.1)
    nio4r (2.5.8)
    prometheus-client (4.0.0)
    puma (6.0.0)
      nio4r (~> 2.0)
    puma-metrics (1.3.0)
      prometheus-client (>= 0.10)
      puma (>= 6.0)
    rack (2.2.4)
    rack-protection (3.0.3)
      rack
    rb-fsevent (0.11.2)
    rb-inotify (0.10.1)
      ffi (~> 1.0)
    ruby2_keywords (0.0.5)
    sass (3.7.4)
      sass-listen (~> 4.0.0)
    sass-listen (4.0.0)
      rb-fsevent (~> 0.9, >= 0.9.4)
      rb-inotify (~> 0.9, >= 0.9.7)
    sinatra (3.0.3)
      mustermann (~> 3.0)
      rack (~> 2.2, >= 2.2.4)
      rack-protection (= 3.0.3)
      tilt (~> 2.0)
    slim (4.1.0)
      temple (>= 0.7.6, < 0.9)
      tilt (>= 2.0.6, < 2.1)
    sprockets (4.1.1)
      concurrent-ruby (~> 1.0)
      rack (> 1, < 3)
    temple (0.8.2)
    tilt (2.0.11)
    uglifier (4.2.0)
      execjs (>= 0.3.0, < 3)

PLATFORMS
  arm64-darwin-21
  x86_64-linux

DEPENDENCIES
  puma (~> 6.0)
  puma-metrics (~> 1.3)
  sass (~> 3.7)
  sinatra (~> 3.0)
  slim (~> 4.1)
  sprockets (~> 4.1)
  uglifier (~> 4.2)

RUBY VERSION
   ruby 3.1.0p0

BUNDLED WITH
   2.3.22
