GEM
  remote: https://rubygems.org/
  specs:
    concurrent-ruby (1.1.10)
    rack (2.2.4)
    slim (4.1.0)
      temple (>= 0.7.6, < 0.9)
      tilt (>= 2.0.6, < 2.1)
    sprockets (4.1.1)
      concurrent-ruby (~> 1.0)
      rack (> 1, < 3)
    temple (0.8.2)
    tilt (2.0.11)

PLATFORMS
  arm64-darwin-21
  x86_64-linux

DEPENDENCIES
  slim (~> 4.1)
  sprockets (~> 4.1)

RUBY VERSION
   ruby 3.1.0p0

BUNDLED WITH
   2.3.22
