GEM
  remote: https://rubygems.org/
  specs:
    concurrent-ruby (1.1.10)
    execjs (2.8.1)
    mustermann (3.0.0)
      ruby2_keywords (~> 0.0.1)
    rack (2.2.4)
    rack-protection (3.0.3)
      rack
    ruby2_keywords (0.0.5)
    sinatra (3.0.3)
      mustermann (~> 3.0)
      rack (~> 2.2, >= 2.2.4)
      rack-protection (= 3.0.3)
      tilt (~> 2.0)
    slim (4.1.0)
      temple (>= 0.7.6, < 0.9)
      tilt (>= 2.0.6, < 2.1)
    sprockets (4.1.1)
      concurrent-ruby (~> 1.0)
      rack (> 1, < 3)
    temple (0.8.2)
    tilt (2.0.11)
    uglifier (4.2.0)
      execjs (>= 0.3.0, < 3)

PLATFORMS
  arm64-darwin-21
  x86_64-linux

DEPENDENCIES
  sinatra (~> 3.0)
  slim (~> 4.1)
  sprockets (~> 4.1)
  uglifier (~> 4.2)

RUBY VERSION
   ruby 3.1.0p0

BUNDLED WITH
   2.3.22
